GEM
  remote: http://rubygems.org/
  specs:
    async_sinatra (0.5.0)
      rack (>= 1.2.1)
      sinatra (>= 1.0)
    bouncy-castle-java (1.5.0146.1)
    daemons (1.1.3)
    eventmachine (0.12.10)
    jruby-openssl (0.7.4)
      bouncy-castle-java
    json (1.5.1)
    mime-types (1.16)
    nokogiri (1.4.4)
    pg (0.11.0)
    rack (1.3.0)
    rake (0.9.1)
    rest-client (1.6.3)
      mime-types (>= 1.16)
    sequel (3.24.1)
    sequel_pg (1.1.0)
      pg (>= 0.8.0)
      sequel (>= 3.24.0)
    sinatra (1.2.6)
      rack (~> 1.1)
      tilt (< 2.0, >= 1.2.2)
    sqlite3 (1.3.3)
    sqlite3-ruby (1.3.3)
      sqlite3 (>= 1.3.3)
    thin (1.2.11)
      daemons (>= 1.0.9)
      eventmachine (>= 0.12.6)
      rack (>= 1.0.0)
    tilt (1.3.2)

PLATFORMS
  java
  ruby

DEPENDENCIES
  async_sinatra (~> 0.5)
  eventmachine
  jruby-openssl
  json
  nokogiri
  pg
  rake
  rest-client
  sequel
  sequel_pg
  sinatra
  sqlite3-ruby
  thin
